GIT
  remote: git://github.com/infinitered/bluepotion.git
  revision: 54a491fe054342c8d7294ed764b59237668ecc1c
  specs:
    bluepotion (0.1.7)

PATH
  remote: ../SwissDB/
  specs:
    swiss_db (0.7.2)

GEM
  remote: https://rubygems.org/
  specs:
    moran (0.6.5)
      motion-gradle
    motion-async (0.6)
    motion-gradle (1.6.0)
    newclear (1.3)
      reset-sim
    rake (10.4.2)
    reset-sim (1.1.1)

PLATFORMS
  ruby

DEPENDENCIES
  bluepotion!
  moran
  motion-async
  motion-gradle
  newclear
  rake
  swiss_db!

BUNDLED WITH
   1.10.6
